PATH
  remote: .
  specs:
    hik_ISAPI (0.0.1)
      gli (~> 2.21)
      httparty (~> 0.21)
      nokogiri (~> 1.14)

GEM
  remote: https://rubygems.org/
  specs:
    gli (2.21.1)
    httparty (0.21.0)
      mini_mime (>= 1.0.0)
      multi_xml (>= 0.5.2)
    mini_mime (1.1.5)
    multi_xml (0.6.0)
    nokogiri (1.16.0-x64-mingw32)
      racc (~> 1.4)
    nokogiri (1.16.0-x86_64-linux)
      racc (~> 1.4)
    racc (1.7.3)

PLATFORMS
  x64-mingw32
  x86_64-linux

DEPENDENCIES
  hik_ISAPI!

BUNDLED WITH
   2.3.26
